GEM
  remote: https://rubygems.org/
  specs:
    axiom-types (0.1.1)
      descendants_tracker (~> 0.0.4)
      ice_nine (~> 0.11.0)
      thread_safe (~> 0.3, >= 0.3.1)
    chronic (0.10.2)
    coercible (1.0.0)
      descendants_tracker (~> 0.0.1)
    curb (0.9.1)
    descendants_tracker (0.0.4)
      thread_safe (~> 0.3, >= 0.3.1)
    dotenv (2.1.0)
    equalizer (0.0.11)
    feed-normalizer (1.5.2)
      hpricot (>= 0.6)
      simple-rss (>= 1.1)
    gene_pool (1.4.1)
      thread_safe
    google-search (1.0.3)
      json
    hpricot (0.8.6)
    httmultiparty (0.3.16)
      httparty (>= 0.7.3)
      mimemagic
      multipart-post
    httparty (0.13.7)
      json (~> 1.8)
      multi_xml (>= 0.5.2)
    ice_nine (0.11.2)
    json (1.8.3)
    mimemagic (0.3.1)
    mini_portile2 (2.0.0)
    multi_xml (0.5.5)
    multipart-post (2.0.0)
    nokogiri (1.6.7.2)
      mini_portile2 (~> 2.0.0.rc2)
    persistent_http (1.0.6)
      gene_pool (>= 1.3)
    persistent_httparty (0.1.2)
      httparty (~> 0.9)
      persistent_http (< 2)
    simple-rss (1.3.1)
    telegram-bot-ruby (0.2.6)
      httmultiparty
      persistent_httparty
      virtus
    thread_safe (0.3.5)
    virtus (1.0.5)
      axiom-types (~> 0.1)
      coercible (~> 1.0)
      descendants_tracker (~> 0.0, >= 0.0.3)
      equalizer (~> 0.0, >= 0.0.9)
    whenever (0.9.4)
      chronic (>= 0.6.3)
    xkcd (1.1.0)
      google-search
      nokogiri (>= 1.5.0)

PLATFORMS
  ruby

DEPENDENCIES
  curb (~> 0.9.1)
  dotenv (~> 2.1)
  feed-normalizer (~> 1.5, >= 1.5.2)
  simple-rss (~> 1.3, >= 1.3.1)
  telegram-bot-ruby (~> 0.2.6)
  whenever
  xkcd (~> 1.1)

BUNDLED WITH
   1.11.2
